GEM
  remote: https://rubygems.org/
  specs:
    hobbit (0.6.0)
      rack
    rack (1.6.0)

PLATFORMS
  ruby

DEPENDENCIES
  hobbit
  rack
